PATH
  remote: .
  specs:
    elfos (0.1.0)

GEM
  remote: https://rubygems.org/
  specs:
    minitest (5.14.4)
    rake (13.0.6)

PLATFORMS
  arm64-darwin-21

DEPENDENCIES
  elfos!
  minitest (~> 5.0)
  rake (~> 13.0)

BUNDLED WITH
   2.2.32
